GEM
  remote: https://rubygems.org/
  specs:
    atomic (1.1.99)
    docile (1.1.5)
    i18n (0.7.0)
    metaclass (0.0.4)
    mocha (1.1.0)
      metaclass (~> 0.0.1)
    multi_json (1.10.1)
    power_assert (0.2.3)
    require_all (1.3.2)
    simplecov (0.9.2)
      docile (~> 1.1.0)
      multi_json (~> 1.0)
      simplecov-html (~> 0.9.0)
    simplecov-html (0.9.0)
    simplecov-rcov (0.2.3)
      simplecov (>= 0.4.1)
    test-unit (3.0.9)
      power_assert

PLATFORMS
  ruby

DEPENDENCIES
  atomic (~> 1.1.99)
  i18n
  mocha (~> 1.1.0)
  require_all
  simplecov
  simplecov-rcov
  test-unit
