GEM
  remote: https://rubygems.org/
  specs:
    atomic (1.1.99)
    i18n (0.7.0)

PLATFORMS
  ruby

DEPENDENCIES
  atomic (~> 1.1.99)
  i18n
